GEM
  remote: https://rubygems.org/
  specs:
    addressable (2.3.8)
    chronic (0.10.2)
    cinch (2.2.5)
    daemons (1.2.2)
    dm-aggregates (1.2.0)
      dm-core (~> 1.2.0)
    dm-core (1.2.1)
      addressable (~> 2.3)
    dm-migrations (1.2.0)
      dm-core (~> 1.2.0)
    eldr (0.0.4)
      fast_blank (= 0.0.2)
      mustermann (= 0.4.0)
      rack (~> 1.5)
    eventmachine (1.0.7)
    fast_blank (0.0.2)
    haml (4.0.6)
      tilt
    httparty (0.13.5)
      json (~> 1.8)
      multi_xml (>= 0.5.2)
    json (1.8.3)
    mini_portile2 (2.3.0)
    multi_xml (0.5.5)
    mustermann (0.4.0)
      tool (~> 0.2)
    nokogiri (1.8.4)
      mini_portile2 (~> 2.3.0)
    rack (1.6.10)
    thin (1.6.3)
      daemons (~> 1.0, >= 1.0.9)
      eventmachine (~> 1.0)
      rack (~> 1.0)
    thread_safe (0.3.5)
    tilt (2.0.1)
    tool (0.2.3)
    tzinfo (1.2.2)
      thread_safe (~> 0.1)
    tzinfo-data (1.2015.4)
      tzinfo (>= 1.0.0)

PLATFORMS
  ruby

DEPENDENCIES
  addressable
  chronic
  cinch
  dm-aggregates
  dm-core
  dm-migrations
  eldr
  haml
  httparty
  json
  nokogiri
  rack
  thin
  tzinfo
  tzinfo-data

BUNDLED WITH
   1.16.4
